GEM
  remote: http://rubygems.org/
  specs:
    ap (0.1.1)
      httparty (>= 0.7.7)
    faraday (0.8.4)
      multipart-post (~> 1.1)
    faraday_middleware (0.8.8)
      faraday (>= 0.7.4, < 0.9)
    hashie (1.2.0)
    httparty (0.9.0)
      multi_json (~> 1.0)
      multi_xml
    iobuffer (1.1.2)
    json (1.7.5)
    jubatus (0.1.0)
      msgpack-rpc (~> 0.4.5)
    msgpack (0.4.7)
    msgpack-rpc (0.4.5)
      msgpack (>= 0.4.4)
      rev (>= 0.3.0)
    multi_json (1.3.6)
    multi_xml (0.5.1)
    multipart-post (1.1.5)
    qiita (0.0.2)
      faraday (~> 0.8)
      faraday_middleware (~> 0.8)
      hashie (~> 1.2)
      json (~> 1.7)
    redcarpet (2.2.1)
    rev (0.3.2)
      iobuffer (>= 0.1.3)
    term-ansicolor (1.0.7)

PLATFORMS
  ruby

DEPENDENCIES
  ap
  json
  jubatus
  qiita
  redcarpet
  term-ansicolor
