GEM
  remote: http://rubygems.org/
  specs:
    faraday (0.8.4)
      multipart-post (~> 1.1)
    faraday_middleware (0.8.8)
      faraday (>= 0.7.4, < 0.9)
    hashie (1.2.0)
    iobuffer (1.1.2)
    json (1.7.5)
    jubatus (0.1.0)
      msgpack-rpc (~> 0.4.5)
    msgpack (0.4.7)
    msgpack-rpc (0.4.5)
      msgpack (>= 0.4.4)
      rev (>= 0.3.0)
    multipart-post (1.1.5)
    qiita (0.0.2)
      faraday (~> 0.8)
      faraday_middleware (~> 0.8)
      hashie (~> 1.2)
      json (~> 1.7)
    rev (0.3.2)
      iobuffer (>= 0.1.3)

PLATFORMS
  ruby

DEPENDENCIES
  jubatus
  qiita
